GIT
  remote: git://github.com/hybridgroup/firmata
  revision: 8e90d67c40b682471f327ef2684429ae75251451
  branch: dev
  specs:
    hybridgroup-firmata (0.4.5)
      event_emitter
      rubyserial

PATH
  remote: .
  specs:
    artoo-arduino (1.4.3)
      artoo (>= 1.6.0)
      artoo-gpio
      artoo-i2c
      hybridgroup-firmata (>= 0.4.5)

GEM
  remote: http://rubygems.org/
  specs:
    artoo (1.6.7)
      celluloid (~> 0.15.0)
      celluloid-io (~> 0.15.0)
      http (~> 0.5.0)
      multi_json (~> 1.6.0)
      pry (~> 0.9.0)
      rake
      reel (~> 0.4.0)
      robeaux (~> 0.0.4)
      thor (~> 0.18.1)
    artoo-gpio (0.4.1)
      artoo (>= 1.6.0)
    artoo-i2c (0.5.0)
      artoo (>= 1.6.0)
    celluloid (0.15.2)
      timers (~> 1.1.0)
    celluloid-io (0.15.0)
      celluloid (>= 0.15.0)
      nio4r (>= 0.5.0)
    coderay (1.1.0)
    event_emitter (0.2.5)
    ffi (1.9.3)
    ffi (1.9.3-java)
    http (0.5.1)
      http_parser.rb
    http_parser.rb (0.6.0)
    http_parser.rb (0.6.0-java)
    metaclass (0.0.4)
    method_source (0.8.2)
    minitest (5.3.5)
    minitest-happy (1.0.0)
    mocha (0.14.0)
      metaclass (~> 0.0.1)
    multi_json (1.6.1)
    nio4r (1.0.0)
    nio4r (1.0.0-java)
    pry (0.9.12.6)
      coderay (~> 1.0)
      method_source (~> 0.8)
      slop (~> 3.4)
    pry (0.9.12.6-java)
      coderay (~> 1.0)
      method_source (~> 0.8)
      slop (~> 3.4)
      spoon (~> 0.0)
    rake (10.3.2)
    reel (0.4.0)
      celluloid (>= 0.15.1)
      celluloid-io (>= 0.15.0)
      http (>= 0.5.0)
      http_parser.rb (>= 0.6.0.beta.2)
      websocket_parser (>= 0.1.4)
    robeaux (0.0.4)
    rubyserial (0.0.1)
      ffi (~> 1.9.3)
    slop (3.5.0)
    spoon (0.0.4)
      ffi
    thor (0.18.1)
    timers (1.1.0)
    websocket_parser (0.1.6)

PLATFORMS
  java
  ruby

DEPENDENCIES
  artoo-arduino!
  hybridgroup-firmata!
  minitest (~> 5.0)
  minitest-happy
  mocha (~> 0.14.0)
